GEM
  remote: https://rubygems.org/
  specs:
    net-http (0.1.1)
      net-protocol
      uri
    net-protocol (0.1.3)
      timeout
    nokogiri (1.13.6-x86_64-darwin)
      racc (~> 1.4)
    racc (1.6.0)
    timeout (0.2.0)
    uri (0.11.0)

PLATFORMS
  x86_64-darwin-21

DEPENDENCIES
  net-http (~> 0.1.0)
  nokogiri (~> 1.13.1)

BUNDLED WITH
   2.3.13
